GEM
  specs:
    execjs (2.7.0)
    uglifier (3.1.7)
      execjs (>= 0.3.0, < 3)

PLATFORMS
  ruby

DEPENDENCIES
  uglifier (>= 1.3.0)

RUBY VERSION
   ruby 2.4.2p0

BUNDLED WITH
   1.13.2
